GEM
  remote: https://rubygems.org/
  specs:
    bundler-audit (0.6.0)
      bundler (~> 1.2)
      thor (~> 0.18)
    coveralls (0.8.21)
      json (>= 1.8, < 3)
      simplecov (~> 0.14.1)
      term-ansicolor (~> 1.3)
      thor (~> 0.19.4)
      tins (~> 1.6)
    diff-lcs (1.3)
    docile (1.1.5)
    hoe (3.17.0)
      rake (>= 0.8, < 13.0)
    hoe-bundler (1.4.0)
    hoe-rubygems (1.0.0)
    hoe-version (1.2.0)
    json (2.1.0)
    rainbow (3.0.0)
    rake (12.3.1)
    rdoc (6.0.3)
    rspec (3.7.0)
      rspec-core (~> 3.7.0)
      rspec-expectations (~> 3.7.0)
      rspec-mocks (~> 3.7.0)
    rspec-core (3.7.1)
      rspec-support (~> 3.7.0)
    rspec-expectations (3.7.0)
      diff-lcs (>= 1.2.0, < 2.0)
      rspec-support (~> 3.7.0)
    rspec-mocks (3.7.0)
      diff-lcs (>= 1.2.0, < 2.0)
      rspec-support (~> 3.7.0)
    rspec-support (3.7.1)
    simplecov (0.14.1)
      docile (~> 1.1.0)
      json (>= 1.8, < 3)
      simplecov-html (~> 0.10.0)
    simplecov-html (0.10.2)
    term-ansicolor (1.6.0)
      tins (~> 1.0)
    thor (0.19.4)
    tins (1.16.3)

PLATFORMS
  ruby
  x64-mingw32
  x64-mswin32
  x86-mingw32
  x86-mswin32
  x86_64-linux

DEPENDENCIES
  bundler-audit (~> 0.6)
  coveralls (~> 0.8)
  hoe (~> 3.17)
  hoe-bundler (~> 1.3)
  hoe-rubygems (~> 1.0)
  hoe-version (~> 1.2)
  rainbow (~> 3.0)
  rdoc (~> 6.0)
  rspec (~> 3.7)

BUNDLED WITH
   1.16.1
