GEM
  remote: https://rubygems.org/
  specs:
    bundler-audit (0.6.0)
      bundler (~> 1.2)
      thor (~> 0.18)
    diff-lcs (1.3)
    docile (1.3.1)
    hoe (3.17.1)
      rake (>= 0.8, < 13.0)
    hoe-bundler (1.4.0)
    hoe-rubygems (1.0.0)
    hoe-version (1.2.0)
    json (2.1.0)
    rainbow (3.0.0)
    rake (12.3.1)
    rdoc (6.0.4)
    rspec (3.8.0)
      rspec-core (~> 3.8.0)
      rspec-expectations (~> 3.8.0)
      rspec-mocks (~> 3.8.0)
    rspec-core (3.8.0)
      rspec-support (~> 3.8.0)
    rspec-expectations (3.8.2)
      diff-lcs (>= 1.2.0, < 2.0)
      rspec-support (~> 3.8.0)
    rspec-mocks (3.8.0)
      diff-lcs (>= 1.2.0, < 2.0)
      rspec-support (~> 3.8.0)
    rspec-support (3.8.0)
    simplecov (0.16.1)
      docile (~> 1.1)
      json (>= 1.8, < 3)
      simplecov-html (~> 0.10.0)
    simplecov-cobertura (1.3.0)
      simplecov (~> 0.8)
    simplecov-html (0.10.2)
    thor (0.20.0)

PLATFORMS
  x64-mingw32

DEPENDENCIES
  bundler-audit (~> 0.6)
  hoe (~> 3.17)
  hoe-bundler (~> 1.4)
  hoe-rubygems (~> 1.0)
  hoe-version (~> 1.2)
  rainbow (~> 3.0)
  rdoc (~> 6.0)
  rspec (~> 3.8)
  simplecov (~> 0.16)
  simplecov-cobertura (~> 1.3)

BUNDLED WITH
   1.17.1
