GEM
  remote: https://rubygems.org/
  specs:
    CFPropertyList (2.2.8)
    RedCloth (4.3.2)
    addressable (2.4.0)
    arr-pm (0.0.10)
      cabin (> 0)
    ast (2.2.0)
    backports (3.6.7)
    bundler-audit (0.4.0)
      bundler (~> 1.2)
      thor (~> 0.18)
    cabin (0.8.1)
    childprocess (0.5.9)
      ffi (~> 1.0, >= 1.0.11)
    clamp (0.6.5)
    coveralls (0.8.10)
      json (~> 1.8)
      rest-client (>= 1.6.8, < 2)
      simplecov (~> 0.11.0)
      term-ansicolor (~> 1.3)
      thor (~> 0.19.1)
      tins (~> 1.6.0)
    diff-lcs (1.2.5)
    docile (1.1.5)
    domain_name (0.5.20160128)
      unf (>= 0.0.5, < 1.0.0)
    facter (2.4.6)
      CFPropertyList (~> 2.2.6)
    ffi (1.9.10)
    fpm (1.4.0)
      arr-pm (~> 0.0.10)
      backports (>= 2.6.2)
      cabin (>= 0.6.0)
      childprocess
      clamp (~> 0.6)
      ffi
      json (>= 1.7.7)
    fpm-cookery (0.31.0)
      addressable
      facter
      fpm (~> 1.1)
      puppet (~> 3.4)
      systemu
    gem-release (0.7.4)
    hiera (1.3.4)
      json_pure
    hoe (3.14.2)
      rake (>= 0.8, < 11.0)
    hoe-bundler (1.2.0)
      hoe (>= 2.2.0)
    hoe-gemspec (1.0.0)
      hoe (>= 2.2.0)
    hoe-git (1.6.0)
    hoe-manualgen (0.3.0)
      RedCloth (~> 4.2)
      hoe (~> 3.0)
      rcodetools (~> 0.8)
    hoe-packaging (1.1.3)
      bundler (~> 1.10)
      fpm (~> 1.4)
      fpm-cookery (~> 0.31)
    hoe-rubocop (1.0.6)
      bundler (~> 1.11)
      hoe (~> 3.14)
      rubocop (~> 0.37)
    hoe-rubygems (1.0.0)
    hoe-seattlerb (1.3.4)
    hoe-version (1.2.0)
    http-cookie (1.0.2)
      domain_name (~> 0.5)
    json (1.8.3)
    json_pure (1.8.3)
    mime-types (2.99)
    netrc (0.11.0)
    pandoc-ruby (1.0.0)
    parseconfig (1.0.8)
    parser (2.3.0.3)
      ast (~> 2.2)
    powerpack (0.1.1)
    puppet (3.8.5)
      facter (> 1.6, < 3)
      hiera (~> 1.0)
      json_pure
    rainbow (2.1.0)
    rake (10.5.0)
    rcodetools (0.8.5.0)
    rdoc (4.2.1)
      json (~> 1.4)
    rest-client (1.8.0)
      http-cookie (>= 1.0.2, < 2.0)
      mime-types (>= 1.16, < 3.0)
      netrc (~> 0.7)
    rspec (3.4.0)
      rspec-core (~> 3.4.0)
      rspec-expectations (~> 3.4.0)
      rspec-mocks (~> 3.4.0)
    rspec-core (3.4.2)
      rspec-support (~> 3.4.0)
    rspec-expectations (3.4.0)
      diff-lcs (>= 1.2.0, < 2.0)
      rspec-support (~> 3.4.0)
    rspec-mocks (3.4.1)
      diff-lcs (>= 1.2.0, < 2.0)
      rspec-support (~> 3.4.0)
    rspec-support (3.4.1)
    rubocop (0.37.0)
      parser (>= 2.3.0.2, < 3.0)
      powerpack (~> 0.1)
      rainbow (>= 1.99.1, < 3.0)
      ruby-progressbar (~> 1.7)
      unicode-display_width (~> 0.3)
    ruby-progressbar (1.7.5)
    simplecov (0.11.2)
      docile (~> 1.1.0)
      json (~> 1.8)
      simplecov-html (~> 0.10.0)
    simplecov-html (0.10.0)
    systemu (2.6.5)
    term-ansicolor (1.3.2)
      tins (~> 1.0)
    thor (0.19.1)
    tins (1.6.0)
    unf (0.1.4)
      unf_ext
    unf_ext (0.0.7.2)
    unicode-display_width (0.3.1)

PLATFORMS
  ruby

DEPENDENCIES
  bundler-audit (~> 0.4)
  coveralls (~> 0.8)
  gem-release (~> 0.7)
  hoe (~> 3.14)
  hoe-bundler (~> 1.2)
  hoe-gemspec (~> 1.0)
  hoe-git (~> 1.6)
  hoe-manualgen (~> 0.3.0)
  hoe-packaging (~> 1.1)
  hoe-rubocop (~> 1.0)
  hoe-rubygems (~> 1.0)
  hoe-seattlerb (~> 1.3)
  hoe-version (~> 1.2)
  pandoc-ruby (~> 1.0)
  parseconfig (~> 1.0)
  rainbow (~> 2.1)
  rake (~> 10.5)
  rdoc (~> 4.0)
  rspec (~> 3.4)
  simplecov (~> 0.11)

BUNDLED WITH
   1.12.5
