GEM
  remote: https://rubygems.org/
  specs:
    ast (2.3.0)
    bundler-audit (0.5.0)
      bundler (~> 1.2)
      thor (~> 0.18)
    coveralls (0.8.15)
      json (>= 1.8, < 3)
      simplecov (~> 0.12.0)
      term-ansicolor (~> 1.3)
      thor (~> 0.19.1)
      tins (>= 1.6.0, < 2)
    diff-lcs (1.2.5)
    docile (1.1.5)
    hoe (3.15.2)
      rake (>= 0.8, < 12.0)
    hoe-bundler (1.3.0)
      hoe (>= 2.2.0)
    hoe-git (1.6.0)
    hoe-manns (1.6.0)
      bundler-audit (~> 0.4)
      parseconfig (~> 1.0)
      rainbow (~> 2.1)
    hoe-rubocop (1.0.6)
      bundler (~> 1.11)
      hoe (~> 3.14)
      rubocop (~> 0.37)
    hoe-rubygems (1.0.0)
    hoe-seattlerb (1.3.5)
    hoe-version (1.2.0)
    json (1.8.3)
    parseconfig (1.0.8)
    parser (2.3.1.4)
      ast (~> 2.2)
    powerpack (0.1.1)
    rainbow (2.1.0)
    rake (11.3.0)
    rdoc (4.2.2)
      json (~> 1.4)
    rspec (3.5.0)
      rspec-core (~> 3.5.0)
      rspec-expectations (~> 3.5.0)
      rspec-mocks (~> 3.5.0)
    rspec-core (3.5.4)
      rspec-support (~> 3.5.0)
    rspec-expectations (3.5.0)
      diff-lcs (>= 1.2.0, < 2.0)
      rspec-support (~> 3.5.0)
    rspec-mocks (3.5.0)
      diff-lcs (>= 1.2.0, < 2.0)
      rspec-support (~> 3.5.0)
    rspec-support (3.5.0)
    rubocop (0.43.0)
      parser (>= 2.3.1.1, < 3.0)
      powerpack (~> 0.1)
      rainbow (>= 1.99.1, < 3.0)
      ruby-progressbar (~> 1.7)
      unicode-display_width (~> 1.0, >= 1.0.1)
    ruby-progressbar (1.8.1)
    simplecov (0.12.0)
      docile (~> 1.1.0)
      json (>= 1.8, < 3)
      simplecov-html (~> 0.10.0)
    simplecov-html (0.10.0)
    term-ansicolor (1.4.0)
      tins (~> 1.0)
    thor (0.19.1)
    tins (1.12.0)
    unicode-display_width (1.1.1)

PLATFORMS
  ruby

DEPENDENCIES
  bundler-audit (~> 0.4)
  coveralls (~> 0.8)
  hoe (~> 3.15)
  hoe-bundler (~> 1.3)
  hoe-git (~> 1.6)
  hoe-manns (~> 1.6)
  hoe-rubocop (~> 1.0)
  hoe-rubygems (~> 1.0)
  hoe-seattlerb (~> 1.3)
  hoe-version (~> 1.2)
  parseconfig (~> 1.0)
  rainbow (~> 2.1)
  rake (~> 11.2)
  rdoc (~> 4.0)
  rspec (~> 3.5)
  simplecov (~> 0.12)

BUNDLED WITH
   1.12.5
