GEM
  remote: https://rubygems.org/
  specs:
    bundler-audit (0.6.0)
      bundler (~> 1.2)
      thor (~> 0.18)
    diff-lcs (1.3)
    hoe (3.17.0)
      rake (>= 0.8, < 13.0)
    hoe-bundler (1.4.0)
    hoe-rubygems (1.0.0)
    hoe-version (1.2.0)
    rainbow (3.0.0)
    rake (12.3.1)
    rdoc (5.1.0)
    rspec (3.7.0)
      rspec-core (~> 3.7.0)
      rspec-expectations (~> 3.7.0)
      rspec-mocks (~> 3.7.0)
    rspec-core (3.7.1)
      rspec-support (~> 3.7.0)
    rspec-expectations (3.7.0)
      diff-lcs (>= 1.2.0, < 2.0)
      rspec-support (~> 3.7.0)
    rspec-mocks (3.7.0)
      diff-lcs (>= 1.2.0, < 2.0)
      rspec-support (~> 3.7.0)
    rspec-support (3.7.1)
    thor (0.20.0)

PLATFORMS
  ruby
  x64-mingw32

DEPENDENCIES
  bundler-audit (~> 0.6)
  hoe (~> 3.17)
  hoe-bundler (~> 1.3)
  hoe-rubygems (~> 1.0)
  hoe-version (~> 1.2)
  rainbow (~> 3.0)
  rdoc (~> 5.1)
  rspec (~> 3.7)

BUNDLED WITH
   1.16.1
