GEM
  remote: https://rubygems.org/
  specs:
    CFPropertyList (2.2.8)
    addressable (2.3.8)
    archive-tar-minitar (0.5.2)
    arr-pm (0.0.10)
      cabin (> 0)
    ast (2.3.0)
    backports (3.6.8)
    bundler-audit (0.5.0)
      bundler (~> 1.2)
      thor (~> 0.18)
    cabin (0.8.1)
    childprocess (0.5.9)
      ffi (~> 1.0, >= 1.0.11)
    clamp (1.0.0)
    coveralls (0.8.15)
      json (>= 1.8, < 3)
      simplecov (~> 0.12.0)
      term-ansicolor (~> 1.3)
      thor (~> 0.19.1)
      tins (>= 1.6.0, < 2)
    diff-lcs (1.2.5)
    docile (1.1.5)
    facter (2.4.6)
      CFPropertyList (~> 2.2.6)
    ffi (1.9.14)
    fpm (1.6.2)
      archive-tar-minitar
      arr-pm (~> 0.0.10)
      backports (>= 2.6.2)
      cabin (>= 0.6.0)
      childprocess
      clamp (~> 1.0.0)
      ffi
      json (>= 1.7.7, < 2.0)
      pleaserun (~> 0.0.24)
      ruby-xz
    fpm-cookery (0.32.0)
      addressable (~> 2.3.8)
      facter
      fpm (~> 1.1)
      puppet (~> 3.4)
      systemu
    hiera (1.3.4)
      json_pure
    hoe (3.15.1)
      rake (>= 0.8, < 12.0)
    hoe-bundler (1.3.0)
      hoe (>= 2.2.0)
    hoe-git (1.6.0)
    hoe-manns (1.4.9)
      bundler-audit (~> 0.4)
      hoe (~> 3.14)
      indexer (~> 0.3)
      pandoc-ruby (~> 1.0)
      parseconfig (~> 1.0)
      rainbow (~> 2.1)
    hoe-packaging (1.1.3)
      bundler (~> 1.10)
      fpm (~> 1.4)
      fpm-cookery (~> 0.31)
    hoe-rubocop (1.0.6)
      bundler (~> 1.11)
      hoe (~> 3.14)
      rubocop (~> 0.37)
    hoe-rubygems (1.0.0)
    hoe-seattlerb (1.3.5)
    hoe-version (1.2.0)
    indexer (0.3.1)
    insist (1.0.0)
    io-like (0.3.0)
    json (1.8.3)
    json_pure (2.0.2)
    mustache (0.99.8)
    pandoc-ruby (1.0.0)
    parseconfig (1.0.8)
    parser (2.3.1.2)
      ast (~> 2.2)
    pleaserun (0.0.24)
      cabin (> 0)
      clamp
      insist
      mustache (= 0.99.8)
      stud
    powerpack (0.1.1)
    puppet (3.8.7)
      facter (> 1.6, < 3)
      hiera (~> 1.0)
      json_pure
    rainbow (2.1.0)
    rake (10.5.0)
    rdoc (4.2.2)
      json (~> 1.4)
    rspec (3.5.0)
      rspec-core (~> 3.5.0)
      rspec-expectations (~> 3.5.0)
      rspec-mocks (~> 3.5.0)
    rspec-core (3.5.2)
      rspec-support (~> 3.5.0)
    rspec-expectations (3.5.0)
      diff-lcs (>= 1.2.0, < 2.0)
      rspec-support (~> 3.5.0)
    rspec-mocks (3.5.0)
      diff-lcs (>= 1.2.0, < 2.0)
      rspec-support (~> 3.5.0)
    rspec-support (3.5.0)
    rubocop (0.42.0)
      parser (>= 2.3.1.1, < 3.0)
      powerpack (~> 0.1)
      rainbow (>= 1.99.1, < 3.0)
      ruby-progressbar (~> 1.7)
      unicode-display_width (~> 1.0, >= 1.0.1)
    ruby-progressbar (1.8.1)
    ruby-xz (0.2.3)
      ffi (~> 1.9)
      io-like (~> 0.3)
    simplecov (0.12.0)
      docile (~> 1.1.0)
      json (>= 1.8, < 3)
      simplecov-html (~> 0.10.0)
    simplecov-html (0.10.0)
    stud (0.0.22)
    systemu (2.6.5)
    term-ansicolor (1.3.2)
      tins (~> 1.0)
    thor (0.19.1)
    tins (1.12.0)
    unicode-display_width (1.1.0)

PLATFORMS
  ruby

DEPENDENCIES
  bundler-audit (~> 0.4)
  coveralls (~> 0.8)
  hoe (~> 3.15)
  hoe-bundler (~> 1.2)
  hoe-git (~> 1.6)
  hoe-manns (~> 1.4)
  hoe-packaging (~> 1.1)
  hoe-rubocop (~> 1.0)
  hoe-rubygems (~> 1.0)
  hoe-seattlerb (~> 1.3)
  hoe-version (~> 1.2)
  pandoc-ruby (~> 1.0)
  parseconfig (~> 1.0)
  rainbow (~> 2.1)
  rake (~> 10.5)
  rdoc (~> 4.0)
  rspec (~> 3.4)
  simplecov (~> 0.11)

BUNDLED WITH
   1.12.5
